PATH
  remote: ../../..
  specs:
    teacup (2.2.2)

GEM
  specs:

PLATFORMS
  ruby

DEPENDENCIES
  teacup!
