PATH
  remote: ../..
  specs:
    teacup (2.3.0)

GEM
  specs:

PLATFORMS
  ruby

DEPENDENCIES
  teacup!
