PATH
  remote: ../..
  specs:
    teacup (2.2.1)

GEM
  specs:

PLATFORMS
  ruby

DEPENDENCIES
  teacup!
