PATH
  remote: ../..
  specs:
    teacup (2.2.0)

GEM
  specs:

PLATFORMS
  ruby

DEPENDENCIES
  teacup!
