PATH
  remote: ../..
  specs:
    teacup (2.3.0)

GEM
  remote: https://rubygems.org/
  specs:
    rake (10.0.4)
    sugarcube (0.20.18)
    sweettea (0.5.6)
      rake
      sugarcube
      teacup

PLATFORMS
  ruby

DEPENDENCIES
  rake
  sugarcube
  sweettea
  teacup!
