PATH
  remote: ../../..
  specs:
    teacup (3.0.0)

GEM
  remote: https://rubygems.org/
  specs:
    rake (10.3.2)
    sugarcube (2.0.0)
    sweettea (0.6.0)
      rake
      sugarcube
      teacup

PLATFORMS
  ruby

DEPENDENCIES
  sugarcube
  sweettea
  teacup!
