PATH
  remote: ../../..
  specs:
    teacup (3.0.0)

GEM
  specs:

PLATFORMS
  ruby

DEPENDENCIES
  teacup!
