PATH
  remote: ../..
  specs:
    teacup (2.2.0)

GEM
  remote: https://rubygems.org/
  specs:
    rake (10.0.3)

PLATFORMS
  ruby

DEPENDENCIES
  rake
  teacup!
